GEM
  remote: https://rubygems.org/
  specs:
    flipper (0.25.0)
    flipper-api (0.25.0)
      flipper (~> 0.25.0)
      rack (>= 1.4, < 3)
    nio4r (2.5.8)
    puma (5.6.4)
      nio4r (~> 2.0)
    rack (2.2.4)

PLATFORMS
  x86_64-linux

DEPENDENCIES
  flipper (~> 0.25.0)
  flipper-api (~> 0.25.0)
  puma (~> 5.6)
  rack (~> 2.2)

BUNDLED WITH
   2.3.18
